GEM
  remote: https://rubygems.org/
  specs:
    chronic (0.10.2)
    httparty (0.15.5)
      multi_xml (>= 0.5.2)
    little-plugger (1.1.4)
    logging (2.2.2)
      little-plugger (~> 1.1)
      multi_json (~> 1.10)
    multi_json (1.12.1)
    multi_xml (0.6.0)
    whenever (0.9.7)
      chronic (>= 0.6.3)

PLATFORMS
  ruby

DEPENDENCIES
  httparty (~> 0.15.5)
  logging (~> 2.2, >= 2.2.2)
  whenever (~> 0.9.7)

BUNDLED WITH
   1.15.1
